GEM
  remote: https://rubygems.org/
  specs:
    addressable (2.3.8)
    json (1.8.3)
    mime-types (1.25.1)
    mini_portile2 (2.0.0)
    nokogiri (1.6.7)
      mini_portile2 (~> 2.0.0.rc2)
    rest-client (1.6.9)
      mime-types (~> 1.16)
    unirest (1.1.2)
      addressable (~> 2.3.5)
      json (~> 1.8.1)
      rest-client (~> 1.6.7)

PLATFORMS
  ruby

DEPENDENCIES
  nokogiri (= 1.6.7)
  unirest (= 1.1.2)

BUNDLED WITH
   1.10.6
